GEM
  remote: https://rubygems.org/
  specs:
    ProMotion (2.5.0)
      methadone (~> 1.7)
      motion_print (~> 1.0)
    methadone (1.9.2)
      bundler
    motion_print (1.2.0)
    rake (10.5.0)

PLATFORMS
  ruby

DEPENDENCIES
  ProMotion
  rake

BUNDLED WITH
   1.10.6
